GEM
  remote: http://rubygems.org/
  specs:
    RedCloth (4.2.8)
    activemodel (3.2.22.5)
      activesupport (= 3.2.22.5)
      builder (~> 3.0.0)
    activesupport (3.2.22.5)
      i18n (~> 0.6, >= 0.6.4)
      multi_json (~> 1.0)
    bluecloth (2.2.0)
    builder (3.0.4)
    i18n (0.8.1)
    mongoid (3.1.7)
      activemodel (~> 3.2)
      moped (~> 1.4)
      origin (~> 1.0)
      tzinfo (~> 0.3.29)
    mongoid-tree (1.1.0)
      mongoid (>= 3.0, < 4.0)
    moped (1.5.3)
    multi_json (1.12.1)
    origin (1.1.0)
    tzinfo (0.3.53)

PLATFORMS
  ruby

DEPENDENCIES
  RedCloth (~> 4.2.3)
  bluecloth (~> 2.0)
  mongoid (~> 3.0)
  mongoid-tree

BUNDLED WITH
   1.14.6
