GEM
  remote: http://rubygems.org/
  specs:
    RedCloth (4.2.8)
    activemodel (3.1.1)
      activesupport (= 3.1.1)
      builder (~> 3.0.0)
      i18n (~> 0.6)
    activesupport (3.1.1)
      multi_json (~> 1.0)
    bluecloth (2.0.11)
    bson (1.4.0)
    builder (3.0.0)
    i18n (0.6.0)
    mongo (1.4.0)
      bson (= 1.4.0)
    mongoid (2.3.3)
      activemodel (~> 3.1)
      mongo (~> 1.3)
      tzinfo (~> 0.3.22)
    mongoid-tree (0.6.1)
      mongoid (~> 2.0)
    multi_json (1.0.3)
    tzinfo (0.3.31)

PLATFORMS
  ruby

DEPENDENCIES
  RedCloth (~> 4.2.3)
  bluecloth (~> 2.0.9)
  mongoid (~> 2.0)
  mongoid-tree
