GEM
  remote: http://rubygems.org/
  specs:
    RedCloth (4.2.3)
    activemodel (3.0.3)
      activesupport (= 3.0.3)
      builder (~> 2.1.2)
      i18n (~> 0.4)
    activesupport (3.0.3)
    bluecloth (2.0.9)
    bson (1.1.2)
    builder (2.1.2)
    i18n (0.4.2)
    mongo (1.1.2)
      bson (>= 1.1.1)
    mongoid (2.0.0.beta.20)
      activemodel (~> 3.0)
      mongo (~> 1.1)
      tzinfo (~> 0.3.22)
      will_paginate (~> 3.0.pre)
    mongoid-tree (0.4.0)
      mongoid (>= 2.0.0.beta.20)
    tzinfo (0.3.23)
    will_paginate (3.0.pre2)

PLATFORMS
  ruby

DEPENDENCIES
  RedCloth (~> 4.2.3)
  bluecloth (~> 2.0.9)
  mongoid (~> 2.0.0.beta.20)
  mongoid-tree
